PATH
  remote: .
  specs:
    objc-obfuscator (0.2.5)
      encryptor (~> 1.3.0)
      thor (~> 0.18.1)
      xcodeproj (~> 0.19.0)

GEM
  remote: https://rubygems.org/
  specs:
    activesupport (3.2.21)
      i18n (~> 0.6, >= 0.6.4)
      multi_json (~> 1.0)
    colored (1.2)
    diff-lcs (1.2.5)
    encryptor (1.3.0)
    i18n (0.6.11)
    multi_json (1.10.1)
    rake (10.0.4)
    rspec (2.13.0)
      rspec-core (~> 2.13.0)
      rspec-expectations (~> 2.13.0)
      rspec-mocks (~> 2.13.0)
    rspec-core (2.13.1)
    rspec-expectations (2.13.0)
      diff-lcs (>= 1.1.3, < 2.0)
    rspec-mocks (2.13.1)
    thor (0.18.1)
    xcodeproj (0.19.4)
      activesupport (~> 3.0)
      colored (~> 1.2)

PLATFORMS
  ruby

DEPENDENCIES
  objc-obfuscator!
  rake (~> 10.0.3)
  rspec (~> 2.13.0)
