PATH
  remote: .
  specs:
    objc-obfuscator (0.1.0)
      encryptor (~> 1.3.0)
      thor (~> 0.18.1)

GEM
  remote: https://rubygems.org/
  specs:
    diff-lcs (1.2.5)
    encryptor (1.3.0)
    rspec (2.13.0)
      rspec-core (~> 2.13.0)
      rspec-expectations (~> 2.13.0)
      rspec-mocks (~> 2.13.0)
    rspec-core (2.13.1)
    rspec-expectations (2.13.0)
      diff-lcs (>= 1.1.3, < 2.0)
    rspec-mocks (2.13.1)
    thor (0.18.1)

PLATFORMS
  ruby

DEPENDENCIES
  objc-obfuscator!
  rspec (~> 2.13.0)
